FRAMEWORK: NET46
NUGET
  remote: https://www.nuget.org/api/v2
    FastCgiNet (0.1)
    Fos (0.1)
      FastCgiNet (>= 0.1)
    Microsoft.Owin (3.1)
      Owin (>= 1.0)
    Microsoft.Owin.Diagnostics (3.1)
      Microsoft.Owin (>= 3.1)
      Owin (>= 1.0)
    Microsoft.Owin.Host.HttpListener (3.1)
    Microsoft.Owin.Hosting (3.1)
      Microsoft.Owin (>= 3.1)
      Owin (>= 1.0)
    Microsoft.Owin.SelfHost (3.1)
      Microsoft.Owin (>= 3.1)
      Microsoft.Owin.Diagnostics (>= 3.1)
      Microsoft.Owin.Host.HttpListener (>= 3.1)
      Microsoft.Owin.Hosting (>= 3.1)
      Owin (>= 1.0)
    Newtonsoft.Json (10.0.2)
    Owin (1.0)
    Topshelf (4.0.3)
  remote: https://www.myget.org/F/jajo/api/v2
    SuperGlue.Configuration (1.0.0.384)
      Newtonsoft.Json
